GEM
  remote: http://rubygems.org/
  specs:
    asciiart (0.0.9)
      rainbow (= 2.0.0)
      rmagick (= 2.13.4)
    figaro (1.1.1)
      thor (~> 0.14)
    httparty (0.13.7)
      json (~> 1.8)
      multi_xml (>= 0.5.2)
    json (1.8.3)
    multi_xml (0.5.5)
    rainbow (2.0.0)
    rmagick (2.13.4)
    thor (0.19.1)

PLATFORMS
  ruby

DEPENDENCIES
  asciiart
  figaro (~> 1.1.1)
  httparty (~> 0.13.7)

RUBY VERSION
   ruby 2.3.1p112

BUNDLED WITH
   1.12.5
